PATH
  remote: .
  specs:
    active_admin_excel_upload (0.1.2)
      roo (~> 2.7.0)

GEM
  remote: https://rubygems.org/
  specs:
    mini_portile2 (2.8.1)
    nokogiri (1.13.10)
      mini_portile2 (~> 2.8.0)
      racc (~> 1.4)
    racc (1.6.2)
    roo (2.7.1)
      nokogiri (~> 1)
      rubyzip (~> 1.1, < 2.0.0)
    rubyzip (1.3.0)

PLATFORMS
  ruby

DEPENDENCIES
  active_admin_excel_upload!

BUNDLED WITH
   1.17.2
